GIT
  remote: https://github.com/benbalter/site-inspector-ruby
  revision: c1ec9098b79569bd3b88ee2f3c80e066ad11a84b
  specs:
    site-inspector (0.1.0)
      dnsruby
      gman
      nokogiri
      public_suffix
      sniffles
      typhoeus

GEM
  remote: https://rubygems.org/
  specs:
    addressable (2.3.6)
    coffee-script (2.2.0)
      coffee-script-source
      execjs
    coffee-script-source (1.7.0)
    dnsruby (1.54)
    ethon (0.7.1)
      ffi (>= 1.3.0)
    execjs (2.2.1)
    ffi (1.9.3)
    gman (2.1.3)
      addressable (~> 2.3)
      public_suffix (~> 1.4)
      swot (~> 0.3.1)
    mini_portile (0.6.0)
    nokogiri (1.6.2.1)
      mini_portile (= 0.6.0)
    public_suffix (1.4.4)
    rack (1.5.2)
    rack-cache (1.2)
      rack (>= 0.4)
    rack-coffee (1.0.3)
      coffee-script
      rack
    rack-protection (1.5.3)
      rack
    rack-ssl-enforcer (0.2.7)
    sinatra (1.4.5)
      rack (~> 1.4)
      rack-protection (~> 1.4)
      tilt (~> 1.3, >= 1.3.4)
    sniffles (0.2.0)
      nokogiri (~> 1.6.1)
    swot (0.3.1)
      public_suffix
    tilt (1.4.1)
    typhoeus (0.6.9)
      ethon (>= 0.7.1)

PLATFORMS
  ruby

DEPENDENCIES
  rack-cache
  rack-coffee
  rack-ssl-enforcer
  sinatra
  site-inspector!
