GIT
  remote: https://github.com/benbalter/site-inspector-ruby
  revision: 6f9c48c26ed93c7146498b056507f7c16377ede3
  specs:
    site-inspector (1.0.0)
      dnsruby (~> 1.56)
      gman (~> 4.1)
      nokogiri (~> 1.6)
      public_suffix (~> 1.4)
      sniffles (~> 0.2)
      typhoeus (~> 0.6)

GEM
  remote: https://rubygems.org/
  specs:
    addressable (2.3.7)
    coffee-script (2.3.0)
      coffee-script-source
      execjs
    coffee-script-source (1.9.0)
    colorize (0.7.5)
    dnsruby (1.57.0)
    ethon (0.7.2)
      ffi (>= 1.3.0)
    execjs (2.3.0)
    ffi (1.9.6)
    gman (4.5.0)
      colorize (~> 0.7)
      iso_country_codes (~> 0.6)
      naughty_or_nice (~> 0.0.2)
      swot (~> 0.4.2)
    iso_country_codes (0.6.1)
    mini_portile (0.6.2)
    naughty_or_nice (0.0.3)
      addressable (~> 2.3)
      public_suffix (>= 1.2)
    nokogiri (1.6.6.2)
      mini_portile (~> 0.6.0)
    public_suffix (1.4.6)
    rack (1.5.2)
    rack-cache (1.2)
      rack (>= 0.4)
    rack-coffee (1.0.3)
      coffee-script
      rack
    rack-protection (1.5.3)
      rack
    rack-ssl-enforcer (0.2.8)
    sinatra (1.4.5)
      rack (~> 1.4)
      rack-protection (~> 1.4)
      tilt (~> 1.3, >= 1.3.4)
    sniffles (0.2.0)
      nokogiri (~> 1.6.1)
    swot (0.4.2)
      naughty_or_nice
      public_suffix
    tilt (1.4.1)
    typhoeus (0.7.1)
      ethon (>= 0.7.1)

PLATFORMS
  ruby

DEPENDENCIES
  rack (= 1.5.2)
  rack-cache
  rack-coffee
  rack-ssl-enforcer
  sinatra
  site-inspector!
