GIT
  remote: https://github.com/benbalter/site-inspector.git
  revision: a93506db51f8459f46c1d8092380122f2a53dc6e
  specs:
    site-inspector (3.2.0)
      cliver (~> 0.0)
      colorator (~> 1.1)
      dnsruby (~> 1.0)
      dotenv (~> 2.0)
      gman (~> 7.0, >= 7.0.4)
      mercenary (~> 0.0)
      naughty_or_nice (~> 2.0)
      nokogiri (~> 1.0)
      oj (~> 3.0)
      parallel (~> 1.0)
      public_suffix (~> 4.0)
      sniffles (~> 0.0)
      typhoeus (~> 1.0)
      urlscan (~> 0.6)
      whois (~> 5.0)

GIT
  remote: https://github.com/wa0x6e/sniffles.git
  revision: bd797d01ead32951dce70b1ad11f4ae5742e3014
  specs:
    sniffles (0.2.0)
      nokogiri (~> 1.6)

GEM
  remote: https://rubygems.org/
  specs:
    activemodel (6.0.3.4)
      activesupport (= 6.0.3.4)
    activerecord (6.0.3.4)
      activemodel (= 6.0.3.4)
      activesupport (= 6.0.3.4)
    activesupport (6.0.3.4)
      concurrent-ruby (~> 1.0, >= 1.0.2)
      i18n (>= 0.7, < 2)
      minitest (~> 5.1)
      tzinfo (~> 1.1)
      zeitwerk (~> 2.2, >= 2.2.2)
    addressable (2.7.0)
      public_suffix (>= 2.0.2, < 5.0)
    ast (2.4.1)
    cliver (0.3.2)
    colorator (1.1.0)
    colored (1.2)
    concurrent-ruby (1.1.7)
    dnsruby (1.61.5)
      simpleidn (~> 0.1)
    dotenv (2.7.6)
    ethon (0.12.0)
      ffi (>= 1.3.0)
    ffi (1.13.1)
    gman (7.0.5)
      colored (~> 1.2)
      iso_country_codes (~> 0.6)
      naughty_or_nice (>= 2.1.1)
      public_suffix (>= 3.0)
    i18n (1.8.5)
      concurrent-ruby (~> 1.0)
    iso_country_codes (0.7.8)
    mercenary (0.4.0)
    mini_portile2 (2.4.0)
    minitest (5.14.2)
    mustermann (1.1.1)
      ruby2_keywords (~> 0.0.1)
    naughty_or_nice (2.1.2)
      addressable (~> 2.3)
      public_suffix (>= 3.0)
    nokogiri (1.10.10)
      mini_portile2 (~> 2.4.0)
    oj (3.10.16)
    parallel (1.20.1)
    parser (2.7.2.0)
      ast (~> 2.4.1)
    public_suffix (4.0.6)
    rack (2.2.3)
    rack-cache (1.12.1)
      rack (>= 0.4)
    rack-protection (2.1.0)
      rack
    rack-ssl-enforcer (0.2.9)
    rainbow (3.0.0)
    regexp_parser (1.8.2)
    rexml (3.2.4)
    rubocop (1.4.1)
      parallel (~> 1.10)
      parser (>= 2.7.1.5)
      rainbow (>= 2.2.2, < 4.0)
      regexp_parser (>= 1.8)
      rexml
      rubocop-ast (>= 1.1.1)
      ruby-progressbar (~> 1.7)
      unicode-display_width (>= 1.4.0, < 2.0)
    rubocop-ast (1.2.0)
      parser (>= 2.7.1.5)
    rubocop-performance (1.9.0)
      rubocop (>= 0.90.0, < 2.0)
      rubocop-ast (>= 0.4.0)
    ruby-progressbar (1.10.1)
    ruby2_keywords (0.0.2)
    simpleidn (0.1.1)
      unf (~> 0.1.4)
    sinatra (2.1.0)
      mustermann (~> 1.0)
      rack (~> 2.2)
      rack-protection (= 2.1.0)
      tilt (~> 2.0)
    thor (1.0.1)
    thread_safe (0.3.6)
    tilt (2.0.10)
    typhoeus (1.4.0)
      ethon (>= 0.9.0)
    tzinfo (1.2.8)
      thread_safe (~> 0.1)
    unf (0.1.4)
      unf_ext
    unf_ext (0.0.7.7)
    unicode-display_width (1.7.0)
    urlscan (0.6.0)
      thor (~> 1.0)
    whois (5.0.1)
    zeitwerk (2.4.1)

PLATFORMS
  ruby

DEPENDENCIES
  activerecord
  dotenv
  rack (>= 1.5.2)
  rack-cache
  rack-ssl-enforcer
  rubocop
  rubocop-performance
  sinatra
  site-inspector!
  sniffles!
  urlscan

RUBY VERSION
   ruby 2.6.6p146

BUNDLED WITH
   2.1.4
