GIT
  remote: https://github.com/benbalter/site-inspector.git
  revision: 198dce9d1ebe7b426cd066e62a23cc22ecb2f01e
  specs:
    site-inspector (3.1.1)
      cliver (~> 0.0)
      colorator (~> 1.1)
      dnsruby (~> 1.0)
      gman (~> 7.0, >= 7.0.3)
      mercenary (~> 0.0)
      nokogiri (~> 1.0)
      oj (~> 3.0)
      parallel (~> 1.0)
      public_suffix (~> 3.0)
      sniffles (~> 0.0)
      typhoeus (~> 1.0)
      whois (~> 4.0)

GEM
  remote: https://rubygems.org/
  specs:
    activemodel (6.0.2.1)
      activesupport (= 6.0.2.1)
    activerecord (6.0.2.1)
      activemodel (= 6.0.2.1)
      activesupport (= 6.0.2.1)
    activesupport (6.0.2.1)
      concurrent-ruby (~> 1.0, >= 1.0.2)
      i18n (>= 0.7, < 2)
      minitest (~> 5.1)
      tzinfo (~> 1.1)
      zeitwerk (~> 2.2)
    addressable (2.7.0)
      public_suffix (>= 2.0.2, < 5.0)
    cliver (0.3.2)
    coffee-script (2.4.1)
      coffee-script-source
      execjs
    coffee-script-source (1.12.2)
    colorator (1.1.0)
    colored (1.2)
    concurrent-ruby (1.1.5)
    dnsruby (1.61.3)
      addressable (~> 2.5)
    ethon (0.12.0)
      ffi (>= 1.3.0)
    execjs (2.7.0)
    ffi (1.12.2)
    gman (7.0.3)
      colored (~> 1.2)
      iso_country_codes (~> 0.6)
      naughty_or_nice (= 2.1.1)
      public_suffix (~> 3.0)
    i18n (1.8.2)
      concurrent-ruby (~> 1.0)
    iso_country_codes (0.7.8)
    mercenary (0.4.0)
    mini_portile2 (2.1.0)
    minitest (5.14.0)
    mustermann (1.1.1)
      ruby2_keywords (~> 0.0.1)
    naughty_or_nice (2.1.1)
      addressable (~> 2.3)
      public_suffix (>= 2.0, < 4.0)
    nokogiri (1.6.8.1)
      mini_portile2 (~> 2.1.0)
    oj (3.10.2)
    parallel (1.19.1)
    public_suffix (3.1.1)
    rack (2.2.0)
    rack-cache (1.11.0)
      rack (>= 0.4)
    rack-coffee (1.0.3)
      coffee-script
      rack
    rack-protection (2.0.8.1)
      rack
    rack-ssl-enforcer (0.2.9)
    ruby2_keywords (0.0.2)
    sinatra (2.0.8.1)
      mustermann (~> 1.0)
      rack (~> 2.0)
      rack-protection (= 2.0.8.1)
      tilt (~> 2.0)
    sniffles (0.2.0)
      nokogiri (~> 1.6.1)
    thread_safe (0.3.6)
    tilt (2.0.10)
    typhoeus (1.3.1)
      ethon (>= 0.9.0)
    tzinfo (1.2.6)
      thread_safe (~> 0.1)
    whois (4.1.0)
    zeitwerk (2.2.2)

PLATFORMS
  ruby

DEPENDENCIES
  activerecord
  rack (>= 1.5.2)
  rack-cache
  rack-coffee
  rack-ssl-enforcer
  sinatra
  site-inspector!

RUBY VERSION
   ruby 2.5.3p105

BUNDLED WITH
   2.1.2
